GEM
  remote: http://rubygems.org/
  specs:
    kgio (2.0.0)
    rack (1.3.2)
    unicorn (3.0.0)
      kgio (~> 2.0.0)
      rack

PLATFORMS
  ruby

DEPENDENCIES
  unicorn
